GIT
  remote: https://github.com/capistrano/file-permissions.git
  revision: 0122fe4ab1e36e0608cca7f41a2401b293d8f456
  branch: master
  specs:
    capistrano-file-permissions (1.0.0)
      capistrano (~> 3.0)

GEM
  remote: https://rubygems.org/
  specs:
    airbrussh (1.3.0)
      sshkit (>= 1.6.1, != 1.7.0)
    capistrano (3.6.0)
      airbrussh (>= 1.0.0)
      capistrano-harrow
      i18n
      rake (>= 10.0.0)
      sshkit (>= 1.9.0)
    capistrano-composer (0.0.6)
      capistrano (>= 3.0.0.pre)
    capistrano-harrow (0.5.3)
    capistrano-symfony (1.0.0.rc2)
      capistrano (~> 3.1)
      capistrano-composer (~> 0.0.3)
      capistrano-file-permissions (~> 1.0)
    capistrano-yarn (2.0.2)
      capistrano (~> 3.0)
    highline (1.7.8)
    i18n (0.8.6)
    net-scp (1.2.1)
      net-ssh (>= 2.6.5)
    net-ssh (4.2.0)
    rake (12.0.0)
    slackistrano (3.1.1)
      capistrano (>= 3.5.0)
    sshkit (1.14.0)
      net-scp (>= 1.1.2)
      net-ssh (>= 2.8.0)

PLATFORMS
  ruby

DEPENDENCIES
  capistrano (= 3.6)
  capistrano-composer
  capistrano-file-permissions!
  capistrano-symfony (~> 1.0.0.rc2)
  capistrano-yarn
  highline
  slackistrano

BUNDLED WITH
   1.15.4
